{
    "AcquisitionNumber": 1,
    "AcquisitionTime": "09:27:57.815000",
    "BrainVoyagerInfo": {
        "AcquisitionTime": "092757.815000",
        "CalculatedDicomSlice1CenterX": -4.843556880950928,
        "CalculatedDicomSlice1CenterY": -36.076148986816406,
        "CalculatedDicomSlice1CenterZ": -85.58018493652344,
        "CalculatedDicomSliceNCenterX": -11.923356056213379,
        "CalculatedDicomSliceNCenterY": 21.999021530151367,
        "CalculatedDicomSliceNCenterZ": 27.70442771911621,
        "CoordinateSystem": 1,
        "DataStorageFormat": 2,
        "DataType": 2,
        "DicomColDirX": 0.06443273276090622,
        "DicomColDirY": 0.8896595239639282,
        "DicomColDirZ": -0.4520557224750519,
        "DicomFoVCols": 210,
        "DicomFoVRows": 210,
        "DicomGapThickness": 0,
        "DicomNCols": 84,
        "DicomNRows": 84,
        "DicomPosInfoPresent": 1,
        "DicomRowDirX": 0.9963759779930115,
        "DicomRowDirY": -0.03214724361896515,
        "DicomRowDirZ": 0.07874942570924759,
        "DicomSliceThickness": 2.5,
        "DocumentType": "FMR",
        "MultiBandSequence": true,
        "NrOfPastSpatialTransformations": 0,
        "NrOfPreprocessingSteps": 0,
        "NrOfSkippedVolumes": 0,
        "Protocol": {
            "Conditions": [
                {
                    "ColorB": 255,
                    "ColorG": 128,
                    "ColorR": 0,
                    "IntervalsFrom": [
                        66,
                        132,
                        180,
                        277
                    ],
                    "IntervalsTo": [
                        82,
                        147,
                        195,
                        292
                    ],
                    "Name": "Body",
                    "NrOfIntervals": 4
                },
                {
                    "ColorB": 255,
                    "ColorG": 0,
                    "ColorR": 255,
                    "IntervalsFrom": [
                        49,
                        148,
                        196,
                        261
                    ],
                    "IntervalsTo": [
                        65,
                        163,
                        211,
                        276
                    ],
                    "Name": "Face",
                    "NrOfIntervals": 4
                },
                {
                    "ColorB": 0,
                    "ColorG": 168,
                    "ColorR": 0,
                    "IntervalsFrom": [
                        17,
                        116,
                        212,
                        309
                    ],
                    "IntervalsTo": [
                        32,
                        131,
                        228,
                        324
                    ],
                    "Name": "Hand",
                    "NrOfIntervals": 4
                },
                {
                    "ColorB": 102,
                    "ColorG": 102,
                    "ColorR": 102,
                    "IntervalsFrom": [
                        33,
                        99,
                        229,
                        293
                    ],
                    "IntervalsTo": [
                        48,
                        115,
                        244,
                        308
                    ],
                    "Name": "Scrambled",
                    "NrOfIntervals": 4
                }
            ],
            "FileName": "sub-12_ses-01_Localizer_run-2.prt",
            "Name": "newbi4fmri_Localizer",
            "NrOfConditions": 4,
            "TimeCourseColors": {
                "RefTCPenThick": 3,
                "RefTimeCourseB": 80,
                "RefTimeCourseG": 0,
                "RefTimeCourseR": 0,
                "TCBackColorB": 0,
                "TCBackColorG": 0,
                "TCBackColorR": 0,
                "TCPenThick": 3,
                "TCTextColorB": 255,
                "TCTextColorG": 255,
                "TCTextColorR": 255,
                "TimeCourseB": 255,
                "TimeCourseG": 255,
                "TimeCourseR": 255
            },
            "TimeResolution": "Volumes"
        },
        "SliceAcquisitionOrder": 5,
        "SliceAcquisitionOrderVerified": true,
        "SliceGap": 0,
        "SliceThickness": 2.5,
        "SliceTimingTable": [
            0,
            0.53,
            0.0775,
            0.605,
            0.1525,
            0.68,
            0.2275,
            0.755,
            0.3025,
            0.83,
            0.3775,
            0.905,
            0.4525,
            0,
            0.53,
            0.0775,
            0.605,
            0.1525,
            0.68,
            0.2275,
            0.755,
            0.3025,
            0.83,
            0.3775,
            0.905,
            0.4525,
            0,
            0.53,
            0.0775,
            0.605,
            0.1525,
            0.68,
            0.2275,
            0.755,
            0.3025,
            0.83,
            0.3775,
            0.905,
            0.4525,
            0,
            0.53,
            0.0775,
            0.605,
            0.1525,
            0.68,
            0.2275,
            0.755,
            0.3025,
            0.83,
            0.3775,
            0.905,
            0.4525
        ],
        "SliceTimingTableSize": 52,
        "TE": 0.028,
        "TR": 1,
        "TimeResolutionVerified": true,
        "Version": 1,
        "VoxelResolutionVerified": true
    },
    "ConversionSoftware": "BrainVoyager",
    "ConversionSoftwareVersion": "21.4.5.4030",
    "ImageNumber": 1,
    "ImageOrientationPatientDICOM": [
        0.99637597481665,
        -0.0321472430344,
        0.07874942268653,
        0.06443273417397,
        0.88965950654045,
        -0.4520557323927
    ],
    "ImagePositionPatientDICOM": [
        -894.59687865675,
        -755.31459669419,
        227.53047092952
    ],
    "ImageType": "ORIGINAL PRIMARY M MB ND NORM MOSAIC",
    "MagneticFieldStrength": 3,
    "Manufacturer": "SIEMENS",
    "ManufacturersModelName": "Prisma_fit",
    "Modality": "MR",
    "NrOfTemporalPositions": 0,
    "PatientPosition": "HFS",
    "RepetitionTime": 1,
    "SeriesDescription": "ep_mb4_localizer",
    "SeriesNumber": 4,
    "SiemensMosaicSliceAcqOrder": 3,
    "SiemensMosaicTE": 0.028,
    "SiemensMosaicTR": 1,
    "SliceThickness": 2.5,
    "SliceTiming": [
        0,
        0.53,
        0.0775,
        0.605,
        0.1525,
        0.68,
        0.2275,
        0.755,
        0.3025,
        0.83,
        0.3775,
        0.905,
        0.4525,
        0,
        0.53,
        0.0775,
        0.605,
        0.1525,
        0.68,
        0.2275,
        0.755,
        0.3025,
        0.83,
        0.3775,
        0.905,
        0.4525,
        0,
        0.53,
        0.0775,
        0.605,
        0.1525,
        0.68,
        0.2275,
        0.755,
        0.3025,
        0.83,
        0.3775,
        0.905,
        0.4525,
        0,
        0.53,
        0.0775,
        0.605,
        0.1525,
        0.68,
        0.2275,
        0.755,
        0.3025,
        0.83,
        0.3775,
        0.905,
        0.4525
    ],
    "StudyDescription": "newbi4fmri_Localizer",
    "TaskName": "newbi4fmri_Localizer"
}
