{
    "AcquisitionNumber": 1,
    "AcquisitionTime": "12:18:40.012500",
    "BrainVoyagerInfo": {
        "AcquisitionTime": "121840.012500",
        "CalculatedDicomSlice1CenterX": -1.11236572265625,
        "CalculatedDicomSlice1CenterY": -35.51637268066406,
        "CalculatedDicomSlice1CenterZ": -74.0595474243164,
        "CalculatedDicomSliceNCenterX": -1.11236572265625,
        "CalculatedDicomSliceNCenterY": 17.35701560974121,
        "CalculatedDicomSliceNCenterZ": 41.960514068603516,
        "CoordinateSystem": 1,
        "DataStorageFormat": 2,
        "DataType": 2,
        "DicomColDirX": 0,
        "DicomColDirY": 0.9099612832069397,
        "DicomColDirZ": -0.4146932363510132,
        "DicomFoVCols": 210,
        "DicomFoVRows": 210,
        "DicomGapThickness": 0,
        "DicomNCols": 84,
        "DicomNRows": 84,
        "DicomPosInfoPresent": 1,
        "DicomRowDirX": 1,
        "DicomRowDirY": 0,
        "DicomRowDirZ": 0,
        "DicomSliceThickness": 2.5,
        "DocumentType": "FMR",
        "MultiBandSequence": true,
        "NrOfPastSpatialTransformations": 0,
        "NrOfPreprocessingSteps": 0,
        "NrOfSkippedVolumes": 0,
        "Protocol": {
            "Conditions": [
                {
                    "ColorB": 255,
                    "ColorG": 128,
                    "ColorR": 0,
                    "IntervalsFrom": [
                        17,
                        113,
                        227,
                        292
                    ],
                    "IntervalsTo": [
                        32,
                        128,
                        243,
                        307
                    ],
                    "Name": "Body",
                    "NrOfIntervals": 4
                },
                {
                    "ColorB": 255,
                    "ColorG": 0,
                    "ColorR": 255,
                    "IntervalsFrom": [
                        33,
                        97,
                        211,
                        308
                    ],
                    "IntervalsTo": [
                        48,
                        112,
                        226,
                        324
                    ],
                    "Name": "Face",
                    "NrOfIntervals": 4
                },
                {
                    "ColorB": 0,
                    "ColorG": 168,
                    "ColorR": 0,
                    "IntervalsFrom": [
                        49,
                        146,
                        179,
                        276
                    ],
                    "IntervalsTo": [
                        64,
                        162,
                        194,
                        291
                    ],
                    "Name": "Hand",
                    "NrOfIntervals": 4
                },
                {
                    "ColorB": 102,
                    "ColorG": 102,
                    "ColorR": 102,
                    "IntervalsFrom": [
                        65,
                        129,
                        195,
                        260
                    ],
                    "IntervalsTo": [
                        80,
                        145,
                        210,
                        275
                    ],
                    "Name": "Scrambled",
                    "NrOfIntervals": 4
                }
            ],
            "FileName": "sub-03_ses-01_Localizer_run-1.prt",
            "Name": "newbi4fmri_Localizer",
            "NrOfConditions": 4,
            "TimeCourseColors": {
                "RefTCPenThick": 3,
                "RefTimeCourseB": 80,
                "RefTimeCourseG": 0,
                "RefTimeCourseR": 0,
                "TCBackColorB": 0,
                "TCBackColorG": 0,
                "TCBackColorR": 0,
                "TCPenThick": 3,
                "TCTextColorB": 255,
                "TCTextColorG": 255,
                "TCTextColorR": 255,
                "TimeCourseB": 255,
                "TimeCourseG": 255,
                "TimeCourseR": 255
            },
            "TimeResolution": "Volumes"
        },
        "SliceAcquisitionOrder": 5,
        "SliceAcquisitionOrderVerified": true,
        "SliceGap": 0,
        "SliceThickness": 2.5,
        "SliceTimingTable": [
            0,
            0.5275,
            0.075,
            0.6025,
            0.15,
            0.6775,
            0.225,
            0.7525,
            0.3,
            0.8275,
            0.375,
            0.9025,
            0.4525,
            0,
            0.5275,
            0.075,
            0.6025,
            0.15,
            0.6775,
            0.225,
            0.7525,
            0.3,
            0.8275,
            0.375,
            0.9025,
            0.4525,
            0,
            0.5275,
            0.075,
            0.6025,
            0.15,
            0.6775,
            0.225,
            0.7525,
            0.3,
            0.8275,
            0.375,
            0.9025,
            0.4525,
            0,
            0.5275,
            0.075,
            0.6025,
            0.15,
            0.6775,
            0.225,
            0.7525,
            0.3,
            0.8275,
            0.375,
            0.9025,
            0.4525
        ],
        "SliceTimingTableSize": 52,
        "TE": 0.028,
        "TR": 1,
        "TimeResolutionVerified": true,
        "Version": 1,
        "VoxelResolutionVerified": true
    },
    "ConversionSoftware": "BrainVoyager",
    "ConversionSoftwareVersion": "21.4.5.4030",
    "ImageNumber": 1,
    "ImageOrientationPatientDICOM": [
        1,
        0,
        0,
        0,
        0.90996126975937,
        -0.4146932451077
    ],
    "ImagePositionPatientDICOM": [
        -839.86235119402,
        -798.74641862424,
        273.7643916253
    ],
    "ImageType": "ORIGINAL PRIMARY M MB ND NORM MOSAIC",
    "MagneticFieldStrength": 3,
    "Manufacturer": "SIEMENS",
    "ManufacturersModelName": "Prisma_fit",
    "Modality": "MR",
    "NrOfTemporalPositions": 0,
    "PatientPosition": "HFS",
    "RepetitionTime": 1,
    "SeriesDescription": "ep_mb4_localizer",
    "SeriesNumber": 3,
    "SiemensMosaicSliceAcqOrder": 3,
    "SiemensMosaicTE": 0.028,
    "SiemensMosaicTR": 1,
    "SliceThickness": 2.5,
    "SliceTiming": [
        0,
        0.5275,
        0.075,
        0.6025,
        0.15,
        0.6775,
        0.225,
        0.7525,
        0.3,
        0.8275,
        0.375,
        0.9025,
        0.4525,
        0,
        0.5275,
        0.075,
        0.6025,
        0.15,
        0.6775,
        0.225,
        0.7525,
        0.3,
        0.8275,
        0.375,
        0.9025,
        0.4525,
        0,
        0.5275,
        0.075,
        0.6025,
        0.15,
        0.6775,
        0.225,
        0.7525,
        0.3,
        0.8275,
        0.375,
        0.9025,
        0.4525,
        0,
        0.5275,
        0.075,
        0.6025,
        0.15,
        0.6775,
        0.225,
        0.7525,
        0.3,
        0.8275,
        0.375,
        0.9025,
        0.4525
    ],
    "StudyDescription": "newbi4fmri_Localizer",
    "TaskName": "newbi4fmri_Localizer"
}
